PATH
  remote: .
  specs:
    anngler (0.0.4)
      json
      numo-narray
      redis
      zlib

GEM
  remote: https://rubygems.org/
  specs:
    diff-lcs (1.4.4)
    json (2.3.1)
    mock_redis (0.26.0)
    numo-narray (0.9.1.8)
    rake (13.0.1)
    redis (4.2.2)
    rspec (3.10.0)
      rspec-core (~> 3.10.0)
      rspec-expectations (~> 3.10.0)
      rspec-mocks (~> 3.10.0)
    rspec-core (3.10.0)
      rspec-support (~> 3.10.0)
    rspec-expectations (3.10.0)
      diff-lcs (>= 1.2.0, < 2.0)
      rspec-support (~> 3.10.0)
    rspec-mocks (3.10.0)
      diff-lcs (>= 1.2.0, < 2.0)
      rspec-support (~> 3.10.0)
    rspec-support (3.10.0)
    zlib (1.1.0)

PLATFORMS
  ruby

DEPENDENCIES
  anngler!
  bundler
  mock_redis
  rake
  rspec

BUNDLED WITH
   1.16.6
