PATH
  remote: .
  specs:
    anngler (0.0.1)
      json
      numo-narray
      redis
      zlib

GEM
  remote: https://rubygems.org/
  specs:
    diff-lcs (1.3)
    json (2.3.0)
    mock_redis (0.22.0)
    numo-narray (0.9.1.8)
    redis (4.1.4)
    rspec (3.9.0)
      rspec-core (~> 3.9.0)
      rspec-expectations (~> 3.9.0)
      rspec-mocks (~> 3.9.0)
    rspec-core (3.9.2)
      rspec-support (~> 3.9.3)
    rspec-expectations (3.9.2)
      diff-lcs (>= 1.2.0, < 2.0)
      rspec-support (~> 3.9.0)
    rspec-mocks (3.9.1)
      diff-lcs (>= 1.2.0, < 2.0)
      rspec-support (~> 3.9.0)
    rspec-support (3.9.3)
    zlib (1.0.0)

PLATFORMS
  ruby

DEPENDENCIES
  anngler!
  mock_redis
  rspec

BUNDLED WITH
   2.1.4
